GIT
  remote: https://github.com/amdj15/rg-codebreaker
  revision: 2e979081d5c8a1cde065fc657716fa99aee70470
  specs:
    codebreaker (0.5.0)

GEM
  remote: https://rubygems.org/
  specs:
    rack (1.6.1)

PLATFORMS
  ruby

DEPENDENCIES
  codebreaker!
  rack
