GIT
  remote: https://github.com/amdj15/rg-codebreaker
  revision: 699d8d8249d53971e8b5c46c5cf6367ee209ee73
  specs:
    codebreaker (0.9.0)

GEM
  remote: https://rubygems.org/
  specs:
    rack (1.6.1)

PLATFORMS
  ruby

DEPENDENCIES
  codebreaker!
  rack
